GEM
  remote: http://rubygems.org/
  specs:
    colored (1.2)
    rb-fsevent (0.9.1)

PLATFORMS
  ruby

DEPENDENCIES
  colored
  rb-fsevent
